PATH
  remote: .
  specs:
    gemstory (0.1.0)
      colourize (~> 9.7)
      thor (~> 0.20.0)

GEM
  remote: https://rubygems.org/
  specs:
    coderay (1.1.2)
    colourize (9.7.0)
      os (~> 0.9.6)
    diff-lcs (1.3)
    method_source (0.9.0)
    os (0.9.6)
    pry (0.11.3)
      coderay (~> 1.1.0)
      method_source (~> 0.9.0)
    rake (10.5.0)
    rspec (3.7.0)
      rspec-core (~> 3.7.0)
      rspec-expectations (~> 3.7.0)
      rspec-mocks (~> 3.7.0)
    rspec-core (3.7.1)
      rspec-support (~> 3.7.0)
    rspec-expectations (3.7.0)
      diff-lcs (>= 1.2.0, < 2.0)
      rspec-support (~> 3.7.0)
    rspec-mocks (3.7.0)
      diff-lcs (>= 1.2.0, < 2.0)
      rspec-support (~> 3.7.0)
    rspec-support (3.7.1)
    thor (0.20.0)

PLATFORMS
  ruby

DEPENDENCIES
  bundler (~> 1.16)
  gemstory!
  pry (~> 0.11.3)
  rake (~> 10.0)
  rspec (~> 3.7)

BUNDLED WITH
   1.16.1
