PATH
  remote: .
  specs:
    gemstory (0.1.1)
      sorbet-runtime (~> 0.5.6130)
      thor (~> 0.20.0)

GEM
  remote: https://rubygems.org/
  specs:
    coderay (1.1.2)
    diff-lcs (1.3)
    method_source (0.9.0)
    pry (0.11.3)
      coderay (~> 1.1.0)
      method_source (~> 0.9.0)
    rake (10.5.0)
    rspec (3.7.0)
      rspec-core (~> 3.7.0)
      rspec-expectations (~> 3.7.0)
      rspec-mocks (~> 3.7.0)
    rspec-core (3.7.1)
      rspec-support (~> 3.7.0)
    rspec-expectations (3.7.0)
      diff-lcs (>= 1.2.0, < 2.0)
      rspec-support (~> 3.7.0)
    rspec-mocks (3.7.0)
      diff-lcs (>= 1.2.0, < 2.0)
      rspec-support (~> 3.7.0)
    rspec-support (3.7.1)
    sorbet (0.5.6130)
      sorbet-static (= 0.5.6130)
    sorbet-runtime (0.5.6130)
    sorbet-static (0.5.6130-universal-darwin-14)
    thor (0.20.3)

PLATFORMS
  ruby

DEPENDENCIES
  bundler (~> 2)
  gemstory!
  pry (~> 0.11.3)
  rake (~> 10.0)
  rspec (~> 3.7)
  sorbet (~> 0.5.6130)

BUNDLED WITH
   2.1.4
